GEM
  remote: https://rubygems.org/
  specs:
    activesupport (6.0.2.2)
      concurrent-ruby (~> 1.0, >= 1.0.2)
      i18n (>= 0.7, < 2)
      minitest (~> 5.1)
      tzinfo (~> 1.1)
      zeitwerk (~> 2.2)
    addressable (2.7.0)
      public_suffix (>= 2.0.2, < 5.0)
    bcp47 (0.3.3)
      i18n
    builder (3.2.4)
    concurrent-ruby (1.1.6)
    connection_pool (2.2.2)
    diff-lcs (1.3)
    ebnf (1.2.0)
      rdf (~> 3.1)
      sxp (~> 1.1)
    equivalent-xml (0.6.0)
      nokogiri (>= 1.4.3)
    haml (5.1.2)
      temple (>= 0.8.0)
      tilt
    hamster (3.0.0)
      concurrent-ruby (~> 1.0)
    hashie (4.1.0)
    htmlentities (4.3.4)
    i18n (1.8.2)
      concurrent-ruby (~> 1.0)
    json-canonicalization (0.2.0)
    json-ld (3.1.3)
      htmlentities (~> 4.3)
      json-canonicalization (~> 0.2)
      link_header (~> 0.0, >= 0.0.8)
      multi_json (~> 1.14)
      rack (~> 2.0)
      rdf (~> 3.1)
    json-ld-preloaded (3.1.2)
      json-ld (~> 3.1)
      rdf (~> 3.1)
    ld-patch (3.1.0)
      ebnf (~> 1.2)
      rdf (~> 3.1)
      rdf-xsd (~> 3.1)
      sparql (~> 3.1)
      sxp (~> 1.1)
    link_header (0.0.8)
    linkeddata (3.1.1)
      equivalent-xml (~> 0.6)
      json-ld (~> 3.1, >= 3.1.1)
      json-ld-preloaded (~> 3.1, >= 3.1.1)
      ld-patch (~> 3.1)
      nokogiri (~> 1.10)
      nokogumbo (~> 2.0)
      rdf (~> 3.1, >= 3.1.1)
      rdf-aggregate-repo (~> 3.1)
      rdf-isomorphic (~> 3.1)
      rdf-json (~> 3.1)
      rdf-microdata (~> 3.1)
      rdf-n3 (~> 3.1)
      rdf-normalize (~> 0.4)
      rdf-rdfa (~> 3.1)
      rdf-rdfxml (~> 3.1)
      rdf-reasoner (~> 0.6)
      rdf-tabular (~> 3.1)
      rdf-trig (~> 3.1)
      rdf-trix (~> 3.1)
      rdf-turtle (~> 3.1)
      rdf-vocab (~> 3.1, >= 3.1.2)
      rdf-xsd (~> 3.1)
      shex (~> 0.6)
      sparql (~> 3.1)
      sparql-client (~> 3.1)
    mini_portile2 (2.4.0)
    minitest (5.14.0)
    multi_json (1.14.1)
    mustermann (1.1.1)
      ruby2_keywords (~> 0.0.1)
    net-http-persistent (3.1.0)
      connection_pool (~> 2.2)
    nokogiri (1.10.9)
      mini_portile2 (~> 2.4.0)
    nokogumbo (2.0.2)
      nokogiri (~> 1.8, >= 1.8.4)
    public_suffix (4.0.3)
    rack (2.2.2)
    rack-protection (2.0.8.1)
      rack
    rack-test (1.1.0)
      rack (>= 1.0, < 3)
    rdf (3.1.1)
      hamster (~> 3.0)
      link_header (~> 0.0, >= 0.0.8)
    rdf-aggregate-repo (3.1.0)
      rdf (~> 3.1)
    rdf-isomorphic (3.1.0)
      rdf (~> 3.1)
    rdf-json (3.1.0)
      rdf (~> 3.1)
    rdf-microdata (3.1.0)
      htmlentities (~> 4.3)
      nokogiri (~> 1.10)
      rdf (~> 3.1)
      rdf-xsd (~> 3.1)
    rdf-n3 (3.1.1)
      rdf (~> 3.1)
      sparql (~> 3.1)
      sxp (~> 1.1)
    rdf-normalize (0.4.0)
      rdf (~> 3.1)
    rdf-rdfa (3.1.0)
      haml (~> 5.1)
      htmlentities (~> 4.3)
      rdf (~> 3.1)
      rdf-aggregate-repo (~> 3.1)
      rdf-xsd (~> 3.1)
    rdf-rdfxml (3.1.0)
      htmlentities (~> 4.3)
      rdf (~> 3.1)
      rdf-rdfa (~> 3.1)
      rdf-xsd (~> 3.1)
    rdf-reasoner (0.6.0)
      rdf (~> 3.1)
      rdf-vocab (~> 3.1)
      rdf-xsd (~> 3.1)
    rdf-tabular (3.1.0)
      addressable (~> 2.3)
      bcp47 (~> 0.3, >= 0.3.3)
      json-ld (~> 3.1)
      rdf (~> 3.1)
      rdf-vocab (~> 3.1)
      rdf-xsd (~> 3.1)
    rdf-trig (3.1.0)
      ebnf (~> 1.1)
      rdf (~> 3.1)
      rdf-turtle (~> 3.1)
    rdf-trix (3.1.0)
      rdf (~> 3.1)
    rdf-turtle (3.1.0)
      ebnf (~> 1.2)
      rdf (~> 3.1)
    rdf-vocab (3.1.4)
      rdf (~> 3.1)
    rdf-xsd (3.1.0)
      rdf (~> 3.1)
    rspec (3.9.0)
      rspec-core (~> 3.9.0)
      rspec-expectations (~> 3.9.0)
      rspec-mocks (~> 3.9.0)
    rspec-core (3.9.1)
      rspec-support (~> 3.9.1)
    rspec-expectations (3.9.1)
      diff-lcs (>= 1.2.0, < 2.0)
      rspec-support (~> 3.9.0)
    rspec-mocks (3.9.1)
      diff-lcs (>= 1.2.0, < 2.0)
      rspec-support (~> 3.9.0)
    rspec-support (3.9.2)
    rubicure (1.3.2)
      activesupport (>= 5.0.0)
      hashie (>= 2.0.5)
      sengiri_yaml (>= 0.0.2)
    ruby2_keywords (0.0.2)
    sengiri_yaml (0.0.3)
    shex (0.6.0)
      ebnf (~> 1.2)
      json-ld (~> 3.1)
      json-ld-preloaded (~> 3.1)
      rdf (~> 3.1)
      rdf-xsd (~> 3.1)
      sparql (~> 3.1)
      sxp (~> 1.1)
    sinatra (2.0.8.1)
      mustermann (~> 1.0)
      rack (~> 2.0)
      rack-protection (= 2.0.8.1)
      tilt (~> 2.0)
    slim (4.0.1)
      temple (>= 0.7.6, < 0.9)
      tilt (>= 2.0.6, < 2.1)
    sparql (3.1.0)
      builder (~> 3.2)
      ebnf (~> 1.2)
      rdf (~> 3.1)
      rdf-aggregate-repo (~> 3.1)
      rdf-xsd (~> 3.1)
      sparql-client (~> 3.1)
      sxp (~> 1.1)
    sparql-client (3.1.0)
      net-http-persistent (~> 3.1)
      rdf (~> 3.1)
    sxp (1.1.0)
      rdf (~> 3.1)
    temple (0.8.2)
    thread_safe (0.3.6)
    tilt (2.0.10)
    tzinfo (1.2.6)
      thread_safe (~> 0.1)
    zeitwerk (2.3.0)

PLATFORMS
  ruby

DEPENDENCIES
  linkeddata
  rack-test
  rdf-turtle
  rspec
  rubicure
  sinatra
  slim
  sparql

BUNDLED WITH
   2.1.4
