GEM
  remote: https://rubygems.org/
  specs:
    activesupport (7.1.3)
      base64
      bigdecimal
      concurrent-ruby (~> 1.0, >= 1.0.2)
      connection_pool (>= 2.2.5)
      drb
      i18n (>= 1.6, < 2)
      minitest (>= 5.1)
      mutex_m
      tzinfo (~> 2.0)
    addressable (2.8.4)
      public_suffix (>= 2.0.2, < 6.0)
    base64 (0.2.0)
    bcp47 (0.3.3)
      i18n
    bcp47_spec (0.2.1)
    bigdecimal (3.1.6)
    builder (3.2.4)
    byebug (11.1.3)
    concurrent-ruby (1.2.3)
    connection_pool (2.4.1)
    daemons (1.4.1)
    diff-lcs (1.5.1)
    drb (2.2.0)
      ruby2_keywords
    ebnf (2.4.0)
      htmlentities (~> 4.3)
      rdf (~> 3.3)
      scanf (~> 1.0)
      sxp (~> 1.3)
      unicode-types (~> 1.8)
    eventmachine (1.2.7)
    haml (6.1.1)
      temple (>= 0.8.2)
      thor
      tilt
    hamster (3.0.0)
      concurrent-ruby (~> 1.0)
    hashie (5.0.0)
    htmlentities (4.3.4)
    i18n (1.14.1)
      concurrent-ruby (~> 1.0)
    json-canonicalization (0.4.0)
    json-ld (3.2.5)
      htmlentities (~> 4.3)
      json-canonicalization (~> 0.3, >= 0.3.2)
      link_header (~> 0.0, >= 0.0.8)
      multi_json (~> 1.15)
      rack (>= 2.2, < 4)
      rdf (~> 3.2, >= 3.2.10)
    json-ld-preloaded (3.2.2)
      json-ld (~> 3.2)
      rdf (~> 3.2)
    ld-patch (3.2.2)
      ebnf (~> 2.3)
      rdf (~> 3.2)
      rdf-xsd (~> 3.2)
      sparql (~> 3.2)
      sxp (~> 1.2)
    link_header (0.0.8)
    linkeddata (3.2.2)
      json-ld (~> 3.2, >= 3.2.5)
      json-ld-preloaded (~> 3.2, >= 3.2.2)
      ld-patch (~> 3.2, >= 3.2.2)
      nokogiri (~> 1.13, >= 1.13.8)
      rdf (~> 3.2, >= 3.2.1)
      rdf-aggregate-repo (~> 3.2, >= 3.2.1)
      rdf-hamster-repo (~> 3.2, >= 3.2.1)
      rdf-isomorphic (~> 3.2, >= 3.2.1)
      rdf-json (~> 3.2)
      rdf-microdata (~> 3.2, >= 3.2.1)
      rdf-n3 (~> 3.2, >= 3.2.1)
      rdf-normalize (~> 0.6, >= 0.6.1)
      rdf-ordered-repo (~> 3.2, >= 3.2.1)
      rdf-rdfa (~> 3.2, >= 3.2.3)
      rdf-rdfxml (~> 3.2, >= 3.2.2)
      rdf-reasoner (~> 0.8)
      rdf-tabular (~> 3.2, >= 3.2.1)
      rdf-trig (~> 3.2)
      rdf-trix (~> 3.2)
      rdf-turtle (~> 3.2, >= 3.2.1)
      rdf-vocab (~> 3.2, >= 3.2.7)
      rdf-xsd (~> 3.2, >= 3.2.1)
      shacl (~> 0.3)
      shex (~> 0.7, >= 0.7.1)
      sparql (~> 3.2, >= 3.2.6)
      sparql-client (~> 3.2, >= 3.2.2)
      yaml-ld (~> 0.0)
    logger (1.5.3)
    matrix (0.4.2)
    mini_portile2 (2.8.4)
    minitest (5.21.2)
    multi_json (1.15.0)
    mustermann (3.0.0)
      ruby2_keywords (~> 0.0.1)
    mutex_m (0.2.0)
    net-http-persistent (4.0.2)
      connection_pool (~> 2.2)
    nokogiri (1.15.3)
      mini_portile2 (~> 2.8.2)
      racc (~> 1.4)
    psych (5.1.0)
      stringio
    public_suffix (5.0.3)
    racc (1.7.1)
    rack (2.2.8.1)
    rack-protection (3.2.0)
      base64 (>= 0.1.0)
      rack (~> 2.2, >= 2.2.4)
    rack-test (2.1.0)
      rack (>= 1.3)
    rdf (3.3.2)
      bcp47_spec (~> 0.2)
      bigdecimal (~> 3.1, >= 3.1.5)
      link_header (~> 0.0, >= 0.0.8)
    rdf-aggregate-repo (3.2.1)
      rdf (~> 3.2)
    rdf-hamster-repo (3.2.1)
      hamster (~> 3.0)
      rdf (~> 3.2, >= 3.2.1)
    rdf-isomorphic (3.2.1)
      rdf (~> 3.2)
    rdf-json (3.2.0)
      rdf (~> 3.2)
    rdf-microdata (3.2.1)
      htmlentities (~> 4.3)
      nokogiri (~> 1.13)
      rdf (~> 3.2)
      rdf-rdfa (~> 3.2)
      rdf-xsd (~> 3.2)
    rdf-n3 (3.2.1)
      ebnf (~> 2.2)
      rdf (~> 3.2)
      sparql (~> 3.2)
      sxp (~> 1.2)
    rdf-normalize (0.6.1)
      rdf (~> 3.2)
    rdf-ordered-repo (3.2.1)
      rdf (~> 3.2, >= 3.2.1)
    rdf-rdfa (3.2.3)
      haml (>= 5.2, < 7)
      htmlentities (~> 4.3)
      rdf (~> 3.2)
      rdf-aggregate-repo (~> 3.2)
      rdf-vocab (~> 3.2)
      rdf-xsd (~> 3.2)
    rdf-rdfxml (3.2.2)
      builder (~> 3.2)
      htmlentities (~> 4.3)
      rdf (~> 3.2)
      rdf-xsd (~> 3.2)
    rdf-reasoner (0.8.0)
      rdf (~> 3.2)
      rdf-xsd (~> 3.2)
    rdf-tabular (3.2.1)
      addressable (~> 2.8)
      bcp47 (~> 0.3, >= 0.3.3)
      json-ld (~> 3.2)
      rdf (~> 3.2, >= 3.2.7)
      rdf-vocab (~> 3.2)
      rdf-xsd (~> 3.2)
    rdf-trig (3.2.0)
      ebnf (~> 2.2)
      rdf (~> 3.2)
      rdf-turtle (~> 3.2)
    rdf-trix (3.2.0)
      rdf (~> 3.2)
      rdf-xsd (~> 3.2)
    rdf-turtle (3.3.0)
      ebnf (~> 2.4)
      rdf (~> 3.3)
    rdf-vocab (3.2.7)
      rdf (~> 3.2, >= 3.2.4)
    rdf-xsd (3.2.1)
      rdf (~> 3.2)
      rexml (~> 3.2)
    rexml (3.3.6)
      strscan
    rspec (3.13.0)
      rspec-core (~> 3.13.0)
      rspec-expectations (~> 3.13.0)
      rspec-mocks (~> 3.13.0)
    rspec-core (3.13.0)
      rspec-support (~> 3.13.0)
    rspec-expectations (3.13.0)
      diff-lcs (>= 1.2.0, < 2.0)
      rspec-support (~> 3.13.0)
    rspec-mocks (3.13.0)
      diff-lcs (>= 1.2.0, < 2.0)
      rspec-support (~> 3.13.0)
    rspec-support (3.13.0)
    rubicure (3.2.6)
      activesupport (>= 5.0.0)
      hashie (>= 2.0.5)
      sengiri_yaml (>= 1.0.0)
    ruby2_keywords (0.0.5)
    scanf (1.0.0)
    sengiri_yaml (1.0.0)
    shacl (0.3.0)
      json-ld (~> 3.2)
      rdf (~> 3.2, >= 3.2.8)
      sparql (~> 3.2, >= 3.2.4)
      sxp (~> 1.2)
    shex (0.7.1)
      ebnf (~> 2.2)
      htmlentities (~> 4.3)
      json-ld (~> 3.2)
      json-ld-preloaded (~> 3.2)
      rdf (~> 3.2)
      rdf-xsd (~> 3.2)
      sparql (~> 3.2)
      sxp (~> 1.2)
    shotgun (0.9.2)
      rack (>= 1.0)
    sinatra (3.2.0)
      mustermann (~> 3.0)
      rack (~> 2.2, >= 2.2.4)
      rack-protection (= 3.2.0)
      tilt (~> 2.0)
    slim (5.2.1)
      temple (~> 0.10.0)
      tilt (>= 2.1.0)
    sparql (3.2.6)
      builder (~> 3.2, >= 3.2.4)
      ebnf (~> 2.3, >= 2.3.5)
      logger (~> 1.5)
      rdf (~> 3.2, >= 3.2.11)
      rdf-aggregate-repo (~> 3.2, >= 3.2.1)
      rdf-xsd (~> 3.2)
      sparql-client (~> 3.2, >= 3.2.2)
      sxp (~> 1.2, >= 1.2.4)
    sparql-client (3.2.2)
      net-http-persistent (~> 4.0, >= 4.0.2)
      rdf (~> 3.2, >= 3.2.11)
    stringio (3.0.7)
    strscan (3.1.0)
    sxp (1.3.0)
      matrix (~> 0.4)
      rdf (~> 3.3)
    temple (0.10.3)
    thin (1.8.2)
      daemons (~> 1.0, >= 1.0.9)
      eventmachine (~> 1.0, >= 1.0.4)
      rack (>= 1, < 3)
    thor (1.2.2)
    tilt (2.3.0)
    tzinfo (2.0.6)
      concurrent-ruby (~> 1.0)
    unicode-types (1.10.0)
    yaml-ld (0.0.2)
      json-ld (~> 3.2, >= 3.2.3)
      psych (>= 3.3)
      rdf (~> 3.2, >= 3.2.9)
      rdf-xsd (~> 3.2)

PLATFORMS
  ruby

DEPENDENCIES
  byebug
  linkeddata
  rack-test
  rdf-turtle
  rspec
  rubicure
  shotgun
  sinatra
  slim
  sparql
  thin

RUBY VERSION
   ruby 3.1.2p20

BUNDLED WITH
   2.3.6
