GEM
  remote: https://rubygems.org/
  specs:
    activesupport (6.0.2.2)
      concurrent-ruby (~> 1.0, >= 1.0.2)
      i18n (>= 0.7, < 2)
      minitest (~> 5.1)
      tzinfo (~> 1.1)
      zeitwerk (~> 2.2)
    concurrent-ruby (1.1.6)
    ebnf (1.2.0)
      rdf (~> 3.1)
      sxp (~> 1.1)
    hamster (3.0.0)
      concurrent-ruby (~> 1.0)
    hashie (4.1.0)
    i18n (1.8.2)
      concurrent-ruby (~> 1.0)
    link_header (0.0.8)
    minitest (5.14.0)
    mustermann (1.1.1)
      ruby2_keywords (~> 0.0.1)
    rack (2.2.2)
    rack-protection (2.0.8.1)
      rack
    rdf (3.1.1)
      hamster (~> 3.0)
      link_header (~> 0.0, >= 0.0.8)
    rdf-turtle (3.1.0)
      ebnf (~> 1.2)
      rdf (~> 3.1)
    rubicure (1.3.2)
      activesupport (>= 5.0.0)
      hashie (>= 2.0.5)
      sengiri_yaml (>= 0.0.2)
    ruby2_keywords (0.0.2)
    sengiri_yaml (0.0.3)
    sinatra (2.0.8.1)
      mustermann (~> 1.0)
      rack (~> 2.0)
      rack-protection (= 2.0.8.1)
      tilt (~> 2.0)
    sxp (1.1.0)
      rdf (~> 3.1)
    thread_safe (0.3.6)
    tilt (2.0.10)
    tzinfo (1.2.6)
      thread_safe (~> 0.1)
    zeitwerk (2.3.0)

PLATFORMS
  ruby

DEPENDENCIES
  rdf-turtle
  rubicure
  sinatra

BUNDLED WITH
   2.1.4
